PATH
  remote: .
  specs:
    lizarb (1.0.4)
      colorize (~> 0.8)
      dotenv (~> 2.8)
      zeitwerk (~> 2.6)

GEM
  remote: https://rubygems.org/
  specs:
    coderay (1.1.3)
    coffee-script (2.4.1)
      coffee-script-source
      execjs
    coffee-script-source (1.12.2)
    colorize (0.8.1)
    commonmarker (0.23.9)
    connection_pool (2.4.0)
    dotenv (2.8.1)
    execjs (2.8.1)
    ffi (1.15.5)
    haml (6.1.1)
      temple (>= 0.8.2)
      thor
      tilt
    htmlbeautifier (1.4.2)
    method_source (1.0.0)
    nio4r (2.5.9)
    pastel (0.8.0)
      tty-color (~> 0.5)
    pry (0.14.2)
      coderay (~> 1.1)
      method_source (~> 1.0)
    puma (5.6.5)
      nio4r (~> 2.0)
    rack (3.0.7)
    rackup (0.2.3)
      rack (>= 3.0.0.beta1)
      webrick
    rake (13.0.6)
    redis (5.0.6)
      redis-client (>= 0.9.0)
    redis-client (0.14.1)
      connection_pool
    sassc (2.4.0)
      ffi (~> 1.9)
    sqlite3 (1.6.3-arm64-darwin)
    sqlite3 (1.6.3-x86_64-linux)
    temple (0.10.0)
    thor (1.2.1)
    tilt (2.1.0)
    tty-color (0.6.0)
    tty-cursor (0.7.1)
    tty-prompt (0.23.1)
      pastel (~> 0.8)
      tty-reader (~> 0.8)
    tty-reader (0.9.0)
      tty-cursor (~> 0.7)
      tty-screen (~> 0.8)
      wisper (~> 2.0)
    tty-screen (0.8.1)
    webrick (1.8.1)
    wisper (2.0.1)
    zeitwerk (2.6.8)

PLATFORMS
  arm64-darwin-21
  x86_64-linux

DEPENDENCIES
  coffee-script (~> 2.4)
  commonmarker (~> 0.23.9)
  haml (~> 6.1)
  htmlbeautifier (~> 1.4)
  lizarb!
  pry (~> 0.14.1)
  puma (~> 5.6)
  rack (~> 3.0)
  rackup (~> 0.2.2)
  rake (~> 13.0)
  redis (~> 5.0)
  sassc (~> 2.4)
  sqlite3 (~> 1.5)
  tty-prompt (~> 0.23.1)

BUNDLED WITH
   2.3.22
